GEM
  specs:
    col (1.0.0)
      term-ansicolor (>= 1.0)
    configuration_dsl (0.3.0)
    diff-lcs (1.1.2)
    eventmachine (1.0.0.beta.3)
    fiber_storm (0.2.0)
      eventmachine (~> 1.0.0.beta.3)
      eventmachine (~> 1.0.0.beta.3)
    git (1.2.5)
    jeweler (1.5.2)
      bundler (~> 1.0.0)
      git (>= 1.2.5)
      rake
    rake (0.8.7)
    rcov (0.9.9)
    rr (1.0.2)
    rspec (2.6.0)
      rspec-core (~> 2.6.0)
      rspec-expectations (~> 2.6.0)
      rspec-mocks (~> 2.6.0)
    rspec-core (2.6.4)
    rspec-expectations (2.6.0)
      diff-lcs (~> 1.1.2)
    rspec-mocks (2.6.0)
    term-ansicolor (1.0.5)
    thread_storm (0.7.1)
    timecop (0.3.5)

PLATFORMS
  ruby

DEPENDENCIES
  bundler (~> 1.0)
  col (~> 1.0)
  configuration_dsl (>= 0.3.0)
  eventmachine
  fiber_storm (>= 0.2.0)
  jeweler (~> 1.0)
  rcov (~> 0.9.0)
  rr (~> 1.0)
  rspec
  thread_storm (>= 0.7.1)
  timecop (~> 0.3.0)
